{
    "ConversionSoftware": "dcm2niix",
    "ConversionSoftwareVersion": "v1.0.20170411 GCC4.3.2",
    "EchoTime": 0.03,
    "EffectiveEchoSpacing": 0.000510002,
    "FlipAngle": 60,
    "ImageType": [
        "ORIGINAL",
        "PRIMARY",
        "M",
        "ND",
        "MOSAIC"
    ],
    "MagneticFieldStrength": 3,
    "Manufacturer": "Siemens",
    "ManufacturersModelName": "TrioTim",
    "PhaseEncodingDirection": "j-",
    "ProcedureStepDescription": "RESEARCH_colcombe",
    "ProtocolName": "REST_645",
    "RepetitionTime": 0.645,
    "ScanningSequence": "EP",
    "SequenceName": "epfid2d1_74",
    "SequenceVariant": "SK",
    "SeriesDescription": "REST_645",
    "SliceTiming": [
        0,
        0.4525,
        0.2575,
        0.065,
        0.5175,
        0.3225,
        0.13,
        0.5825,
        0.3875,
        0.195,
        0,
        0.4525,
        0.2575,
        0.065,
        0.5175,
        0.3225,
        0.13,
        0.5825,
        0.3875,
        0.195,
        0,
        0.4525,
        0.2575,
        0.065,
        0.5175,
        0.3225,
        0.13,
        0.5825,
        0.3875,
        0.195,
        0,
        0.4525,
        0.2575,
        0.065,
        0.5175,
        0.3225,
        0.13,
        0.5825,
        0.3875,
        0.195
    ],
    "TaskName": "rest",
    "Obliquity": "True",
    "VoxelSizeDim1": 3.0,
    "VoxelSizeDim3": 3.000000238418579,
    "VoxelSizeDim2": 3.0,
    "Dim1Size": 74,
    "Dim2Size": 74,
    "Dim3Size": 40,
    "NumVolumes": 900,
    "ImageOrientation": "LAS+"
}