{
    "ConversionSoftware": "dcm2niix",
    "ConversionSoftwareVersion": "v1.0.20170411 GCC4.3.2",
    "EchoTime": 0.03,
    "EffectiveEchoSpacing": 0.000689998,
    "FlipAngle": 65,
    "ImageType": [
        "ORIGINAL",
        "PRIMARY",
        "M",
        "ND",
        "MOSAIC"
    ],
    "MagneticFieldStrength": 3,
    "Manufacturer": "Siemens",
    "ManufacturersModelName": "TrioTim",
    "PhaseEncodingDirection": "j-",
    "ProcedureStepDescription": "RESEARCH_colcombe",
    "ProtocolName": "BREATH_HOLD_1400",
    "RepetitionTime": 1.4,
    "ScanningSequence": "EP",
    "SequenceName": "epfid2d1_112",
    "SequenceVariant": "SK",
    "SeriesDescription": "BREATH_HOLD_1400",
    "SliceTiming": [
        0,
        0.615,
        1.23,
        0.44,
        1.055,
        0.265,
        0.88,
        0.09,
        0.705,
        1.3175,
        0.5275,
        1.1425,
        0.3525,
        0.9675,
        0.1775,
        0.7925,
        0,
        0.615,
        1.23,
        0.44,
        1.055,
        0.265,
        0.88,
        0.09,
        0.705,
        1.3175,
        0.5275,
        1.1425,
        0.3525,
        0.9675,
        0.1775,
        0.7925,
        0,
        0.615,
        1.23,
        0.44,
        1.055,
        0.265,
        0.88,
        0.09,
        0.705,
        1.3175,
        0.5275,
        1.1425,
        0.3525,
        0.9675,
        0.1775,
        0.7925,
        0,
        0.615,
        1.23,
        0.44,
        1.055,
        0.265,
        0.88,
        0.09,
        0.705,
        1.3175,
        0.5275,
        1.1425,
        0.3525,
        0.9675,
        0.1775,
        0.7925
    ],
    "TaskName": "BREATHHOLD",
    "Obliquity": "True",
    "VoxelSizeDim1": 2.0,
    "VoxelSizeDim3": 2.0,
    "VoxelSizeDim2": 2.0,
    "Dim1Size": 112,
    "Dim2Size": 112,
    "Dim3Size": 64,
    "NumVolumes": 186,
    "ImageOrientation": "LAS+"
}