{
    "Manufacturer": "Siemens",
    "ManufacturersModelName": "TrioTim",
    "ProcedureStepDescription": "RESEARCH_colcombe",
    "ScanningSequence": "GR_IR",
    "SequenceVariant": "SP_MP_OSP",
    "SeriesDescription": "MPRAGE_SIEMENS",
    "ProtocolName": "MPRAGE_SIEMENS",
    "SequenceName": "_tfl3d1_ns",
    "ImageType": [
        "ORIGINAL",
        "PRIMARY",
        "M",
        "ND",
        "NORM"
    ],
    "MagneticFieldStrength": 3,
    "FlipAngle": 9,
    "EchoTime": 0.00252,
    "RepetitionTime": 1.9,
    "InversionTime": 0.9,
    "PhaseEncodingDirection": "i-",
    "ConversionSoftware": "dcm2niix",
    "ConversionSoftwareVersion": "v1.0.20170411 GCC4.3.2",
    "Obliquity": "False",
    "VoxelSizeDim1": 1.0,
    "VoxelSizeDim2": 0.9765625,
    "VoxelSizeDim3": 0.9765625,
    "Dim1Size": 176,
    "Dim2Size": 256,
    "Dim3Size": 256,
    "NumVolumes": 1.0,
    "ImageOrientation": "LAS+"
}