{
    "ConversionSoftware": "dcm2niix",
    "ConversionSoftwareVersion": "v1.0.20170411 GCC4.3.2",
    "EchoTime": 0.03,
    "EffectiveEchoSpacing": 0.000689998,
    "FlipAngle": 65,
    "ImageType": [
        "ORIGINAL",
        "PRIMARY",
        "M",
        "ND",
        "MOSAIC"
    ],
    "MagneticFieldStrength": 3,
    "Manufacturer": "Siemens",
    "ManufacturersModelName": "TrioTim",
    "PhaseEncodingDirection": "j-",
    "ProcedureStepDescription": "RESEARCH_colcombe",
    "ProtocolName": "REST_1400",
    "RepetitionTime": 1.4,
    "ScanningSequence": "EP",
    "SequenceName": "epfid2d1_112",
    "SequenceVariant": "SK",
    "SeriesDescription": "REST_1400",
    "SliceTiming": [
        0,
        0.615,
        1.2275,
        0.4375,
        1.0525,
        0.2625,
        0.8775,
        0.0875,
        0.7025,
        1.3175,
        0.525,
        1.14,
        0.35,
        0.965,
        0.175,
        0.79,
        0,
        0.615,
        1.2275,
        0.4375,
        1.0525,
        0.2625,
        0.8775,
        0.0875,
        0.7025,
        1.3175,
        0.525,
        1.14,
        0.35,
        0.965,
        0.175,
        0.79,
        0,
        0.615,
        1.2275,
        0.4375,
        1.0525,
        0.2625,
        0.8775,
        0.0875,
        0.7025,
        1.3175,
        0.525,
        1.14,
        0.35,
        0.965,
        0.175,
        0.79,
        0,
        0.615,
        1.2275,
        0.4375,
        1.0525,
        0.2625,
        0.8775,
        0.0875,
        0.7025,
        1.3175,
        0.525,
        1.14,
        0.35,
        0.965,
        0.175,
        0.79
    ],
    "TaskName": "rest",
    "Obliquity": "True",
    "VoxelSizeDim1": 2.0,
    "VoxelSizeDim3": 1.9999998807907104,
    "VoxelSizeDim2": 2.0,
    "Dim1Size": 112,
    "Dim2Size": 112,
    "Dim3Size": 64,
    "NumVolumes": 404,
    "ImageOrientation": "LAS+"
}