{
    "Manufacturer": "Siemens",
    "ManufacturersModelName": "TrioTim",
    "ProcedureStepDescription": "RESEARCH_colcombe",
    "ScanningSequence": "SE",
    "SequenceVariant": "SK_SP_OSP",
    "SeriesDescription": "HCP_SPACE",
    "ProtocolName": "HCP_SPACE",
    "SequenceName": "spc3d1_314ns",
    "ImageType": [
        "ORIGINAL",
        "PRIMARY",
        "M",
        "ND"
    ],
    "MagneticFieldStrength": 3,
    "FlipAngle": 120,
    "EchoTime": 0.306,
    "RepetitionTime": 3.2,
    "SliceTiming": [
        0,
        0.4525,
        0.2575,
        0.065,
        0.5175,
        0.3225,
        0.1275,
        0.5825,
        0.3875,
        0.1925,
        0,
        0.4525,
        0.2575,
        0.065,
        0.5175,
        0.3225,
        0.1275,
        0.5825,
        0.3875,
        0.1925,
        0,
        0.4525,
        0.2575,
        0.065,
        0.5175,
        0.3225,
        0.1275,
        0.5825,
        0.3875,
        0.1925,
        0,
        0.4525,
        0.2575,
        0.065,
        0.5175,
        0.3225,
        0.1275,
        0.5825,
        0.3875,
        0.1925
    ],
    "PhaseEncodingDirection": "i-",
    "ConversionSoftware": "dcm2niix",
    "ConversionSoftwareVersion": "v1.0.20170411 GCC4.3.2",
    "Obliquity": "False",
    "VoxelSizeDim1": 1.0,
    "VoxelSizeDim2": 1.0,
    "VoxelSizeDim3": 1.0,
    "Dim1Size": 176,
    "Dim2Size": 256,
    "NumVolumes": 1.0,
    "Dim3Size": 256
}