{
    "AcquisitionMatrixPE": 90,
    "AcquisitionNumber": 1,
    "AcquisitionTime": "13:45:35.695000",
    "BandwidthPerPixelPhaseEncode": 16.103,
    "BaseResolution": 106,
    "ConversionSoftware": "dcm2niix",
    "ConversionSoftwareVersion": "v1.0.20180403 GCC5.4.0",
    "DerivedVendorReportedEchoSpacing": 0.000690003,
    "DeviceSerialNumber": "35390",
    "DwellTime": 2.6e-06,
    "EchoTime": 0.087,
    "EffectiveEchoSpacing": 0.000690003,
    "FlipAngle": 90,
    "ImageComments": "Unaliased_MB4_PE3_LB",
    "ImageOrientationPatientDICOM": [
        1,
        0,
        0,
        0,
        1,
        0
    ],
    "ImageType": [
        "ORIGINAL",
        "PRIMARY",
        "DIFFUSION",
        "NONE",
        "MB",
        "ND",
        "MOSAIC"
    ],
    "InPlanePhaseEncodingDirectionDICOM": "COL",
    "InstitutionAddress": "Old_Orangeburg_Road_140_Orangeburg_NY_US_10962",
    "InstitutionName": "Nathan_Kline_Institute_for_Psychiatric_Research",
    "InstitutionalDepartmentName": "Department",
    "MRAcquisitionType": "2D",
    "MagneticFieldStrength": 3,
    "Manufacturer": "Siemens",
    "ManufacturersModelName": "TrioTim",
    "Modality": "MR",
    "MultibandAccelerationFactor": 4,
    "PartialFourier": 0.75,
    "PatientPosition": "HFS",
    "PercentPhaseFOV": 84.9057,
    "PhaseEncodingDirection": "j-",
    "PhaseEncodingSteps": 68,
    "PhaseResolution": 1,
    "PixelBandwidth": 1814,
    "ProcedureStepDescription": "RESEARCH_colcombe",
    "ProtocolName": "DIFF_137_AP",
    "PulseSequenceDetails": "%CustomerSeq%_cmrr_mbep2d_diff",
    "ReceiveCoilName": "32Ch_Head",
    "ReconMatrixPE": 90,
    "RepetitionTime": 2.4,
    "SAR": 0.525228,
    "ScanOptions": "PFP_MT_FS",
    "ScanningSequence": "EP",
    "SequenceName": "ep_b0",
    "SequenceVariant": "SK_MTC_SS",
    "SeriesDescription": "DIFF_137_AP",
    "SeriesNumber": 10,
    "ShimSetting": [
        -2440,
        -709,
        21083,
        488,
        199,
        -155,
        287,
        -16
    ],
    "SliceThickness": 2,
    "SoftwareVersions": "syngo_MR_B17",
    "SpacingBetweenSlices": 2,
    "StationName": "MRC35390",
    "TotalReadoutTime": 0.0614102,
    "TxRefAmp": 321.855,
    "Obliquity": "False",
    "VoxelSizeDim1": 2.0,
    "VoxelSizeDim3": 2.0,
    "VoxelSizeDim2": 2.0,
    "Dim1Size": 106,
    "Dim2Size": 90,
    "Dim3Size": 64,
    "NumVolumes": 137
}