{
    "InPlanePhaseEncodingDirectionDICOM": "COL",
    "ImageComments": "Unaliased_MB4_PE3",
    "ProcedureStepDescription": "RESEARCH_colcombe",
    "DeviceSerialNumber": "35390",
    "AcquisitionMatrixPE": 112,
    "ImageOrientationPatientDICOM": [
        1,
        0,
        0,
        0,
        0.99945,
        -0.0331552
    ],
    "EffectiveEchoSpacing": 0.000689998,
    "TotalReadoutTime": 0.0765898,
    "ManufacturersModelName": "TrioTim",
    "ProtocolName": "REST_1400",
    "PhaseEncodingDirection": "j-",
    "BandwidthPerPixelPhaseEncode": 12.94,
    "RepetitionTime": 1.4,
    "SeriesNumber": 5,
    "PhaseEncodingSteps": 84,
    "MRAcquisitionType": "2D",
    "SliceThickness": 2,
    "AcquisitionNumber": 1,
    "InstitutionName": "Nathan_Kline_Institute_for_Psychiatric_Research",
    "DwellTime": 2.5e-06,
    "TxRefAmp": 301.616,
    "MultibandAccelerationFactor": 4,
    "DerivedVendorReportedEchoSpacing": 0.000689998,
    "SAR": 0.146529,
    "PulseSequenceDetails": "%CustomerSeq%_cmrr_mbep2d_bold",
    "ScanningSequence": "EP",
    "Manufacturer": "Siemens",
    "ConversionSoftware": "dcm2niix",
    "PercentPhaseFOV": 100,
    "ReconMatrixPE": 112,
    "FlipAngle": 65,
    "ConversionSoftwareVersion": "v1.0.20180403 GCC5.4.0",
    "SeriesDescription": "REST_1400",
    "PartialFourier": 0.75,
    "InstitutionAddress": "Old_Orangeburg_Road_140_Orangeburg_NY_US_10962",
    "ShimSetting": [
        -2483,
        -717,
        21121,
        887,
        164,
        -503,
        153,
        38
    ],
    "AcquisitionTime": "09:43:34.347500",
    "SequenceName": "epfid2d1_112",
    "MagneticFieldStrength": 3,
    "TaskName": "rest",
    "SpacingBetweenSlices": 2,
    "ImageType": [
        "ORIGINAL",
        "PRIMARY",
        "M",
        "MB",
        "ND",
        "MOSAIC"
    ],
    "ReceiveCoilName": "32Ch_Head",
    "EchoTime": 0.03,
    "SequenceVariant": "SK_SS",
    "PhaseResolution": 1,
    "BaseResolution": 112,
    "PixelBandwidth": 1786,
    "ScanOptions": "PFP_FS",
    "SoftwareVersions": "syngo_MR_B17",
    "StationName": "MRC35390",
    "Modality": "MR",
    "InstitutionalDepartmentName": "Department",
    "PatientPosition": "HFS",
    "SliceTiming": [
        0,
        0.615,
        1.2275,
        0.4375,
        1.0525,
        0.2625,
        0.8775,
        0.0875,
        0.7025,
        1.3175,
        0.525,
        1.14,
        0.35,
        0.965,
        0.175,
        0.79,
        0,
        0.615,
        1.2275,
        0.4375,
        1.0525,
        0.2625,
        0.8775,
        0.0875,
        0.7025,
        1.3175,
        0.525,
        1.14,
        0.35,
        0.965,
        0.175,
        0.79,
        0,
        0.615,
        1.2275,
        0.4375,
        1.0525,
        0.2625,
        0.8775,
        0.0875,
        0.7025,
        1.3175,
        0.525,
        1.14,
        0.35,
        0.965,
        0.175,
        0.79,
        0,
        0.615,
        1.2275,
        0.4375,
        1.0525,
        0.2625,
        0.8775,
        0.0875,
        0.7025,
        1.3175,
        0.525,
        1.14,
        0.35,
        0.965,
        0.175,
        0.79
    ],
    "Obliquity": "True",
    "VoxelSizeDim1": 2.0,
    "VoxelSizeDim2": 2.0,
    "VoxelSizeDim3": 2.0,
    "Dim1Size": 112,
    "Dim2Size": 112,
    "Dim3Size": 64,
    "NumVolumes": 223
}