{
    "Manufacturer": "Siemens",
    "ManufacturersModelName": "TrioTim",
    "ProcedureStepDescription": "RESEARCH_colcombe",
    "ScanningSequence": "EP",
    "SequenceVariant": "SK",
    "SeriesDescription": "pCASL_REST",
    "ProtocolName": "pCASL_REST",
    "SequenceName": "epfid2d1_64",
    "ImageType": [
        "ORIGINAL",
        "PRIMARY",
        "M",
        "ND",
        "MOSAIC"
    ],
    "MagneticFieldStrength": 3,
    "FlipAngle": 90,
    "EchoTime": 0.017,
    "RepetitionTime": 3.8,
    "EffectiveEchoSpacing": 0.000265001,
    "PhaseEncodingDirection": "j-",
    "ConversionSoftware": "dcm2niix",
    "ConversionSoftwareVersion": "v1.0.20170411 GCC4.3.2",
    "TaskName": "pCASL",
    "SliceTiming": [
        0.485,
        0,
        0.525,
        0.04,
        0.5675,
        0.08,
        0.6075,
        0.12,
        0.6475,
        0.1625,
        0.6875,
        0.2025,
        0.7275,
        0.2425,
        0.7675,
        0.2825,
        0.81,
        0.3225,
        0.85,
        0.365,
        0.89,
        0.405,
        0.93,
        0.445
    ],
    "Obliquity": "True",
    "VoxelSizeDim1": 3.4375,
    "VoxelSizeDim2": 3.4375,
    "VoxelSizeDim3": 5.039999961853027,
    "Dim1Size": 64,
    "Dim2Size": 64,
    "Dim3Size": 24,
    "NumVolumes": 80
}