{
    "AcquisitionMatrixPE": 72,
    "AcquisitionNumber": 1,
    "AcquisitionTime": "14:24:1.262500",
    "BandwidthPerPixelPhaseEncode": 27.233,
    "BaseResolution": 72,
    "ConversionSoftware": "dcm2niix",
    "ConversionSoftwareVersion": "v1.0.20180403 GCC5.4.0",
    "DerivedVendorReportedEchoSpacing": 0.000510002,
    "DeviceSerialNumber": "35390",
    "DwellTime": 3.1e-06,
    "EchoTime": 0.03,
    "EffectiveEchoSpacing": 0.000510002,
    "FlipAngle": 80,
    "ImageOrientationPatientDICOM": [
        1,
        0,
        0,
        0,
        0.995227,
        -0.0975829
    ],
    "ImageType": [
        "ORIGINAL",
        "PRIMARY",
        "M",
        "ND",
        "MOSAIC"
    ],
    "InPlanePhaseEncodingDirectionDICOM": "COL",
    "InstitutionAddress": "Old_Orangeburg_Road_140_Orangeburg_NY_US_10962",
    "InstitutionName": "Nathan_Kline_Institute_for_Psychiatric_Research",
    "InstitutionalDepartmentName": "Department",
    "MRAcquisitionType": "2D",
    "MagneticFieldStrength": 3,
    "Manufacturer": "Siemens",
    "ManufacturersModelName": "TrioTim",
    "Modality": "MR",
    "PartialFourier": 1,
    "PatientPosition": "HFS",
    "PercentPhaseFOV": 100,
    "PhaseEncodingDirection": "j-",
    "PhaseEncodingSteps": 72,
    "PhaseResolution": 1,
    "PixelBandwidth": 2240,
    "ProcedureStepDescription": "RESEARCH_colcombe",
    "ProtocolName": "REST_CAP",
    "PulseSequenceDetails": "%SiemensSeq%_ep2d_bold",
    "ReceiveCoilName": "32Ch_Head",
    "ReconMatrixPE": 72,
    "RepetitionTime": 2.5,
    "SAR": 0.188403,
    "ScanOptions": "FS",
    "ScanningSequence": "EP",
    "SequenceName": "_epfid2d1_72",
    "SequenceVariant": "SK",
    "SeriesDescription": "REST_CAP",
    "SeriesNumber": 5,
    "ShimSetting": [
        -2418,
        -716,
        21195,
        1038,
        73,
        -388,
        554,
        99
    ],
    "SliceThickness": 3,
    "SliceTiming": [
        1.255,
        0,
        1.32,
        0.065,
        1.3875,
        0.1325,
        1.4525,
        0.1975,
        1.5175,
        0.2625,
        1.585,
        0.33,
        1.65,
        0.395,
        1.7175,
        0.4625,
        1.7825,
        0.5275,
        1.85,
        0.595,
        1.915,
        0.66,
        1.98,
        0.725,
        2.0475,
        0.7925,
        2.1125,
        0.8575,
        2.18,
        0.925,
        2.245,
        0.99,
        2.31,
        1.055,
        2.3775,
        1.1225,
        2.4425,
        1.1875
    ],
    "SoftwareVersions": "syngo_MR_B17",
    "SpacingBetweenSlices": 3.33,
    "StationName": "MRC35390",
    "TaskName": "rest",
    "TotalReadoutTime": 0.0362102,
    "TxRefAmp": 306.583,
    "Obliquity": "True",
    "VoxelSizeDim1": 3.0,
    "VoxelSizeDim3": 3.330000162124634,
    "VoxelSizeDim2": 3.0,
    "Dim1Size": 72,
    "Dim2Size": 72,
    "Dim3Size": 38,
    "NumVolumes": 120,
    "ImageOrientation": "LAS+"
}