{
    "Modality": "MR",
    "MagneticFieldStrength": 3,
    "Manufacturer": "Siemens",
    "ManufacturersModelName": "TrioTim",
    "InstitutionName": "Nathan_Kline_Institute_for_Psychiatric_Research",
    "InstitutionalDepartmentName": "Department",
    "PatientPosition": "HFS",
    "SoftwareVersions": "syngo_MR_B17",
    "MRAcquisitionType": "3D",
    "SeriesDescription": "HCP_SPACE",
    "ProtocolName": "HCP_SPACE",
    "ScanningSequence": "SE",
    "SequenceVariant": "SK_SP_OSP",
    "ScanOptions": "PFP_FS",
    "SequenceName": "spc3d1_314ns",
    "SeriesNumber": 12,
    "AcquisitionNumber": 1,
    "SliceThickness": 1,
    "SAR": 0.360628,
    "EchoTime": 0.306,
    "RepetitionTime": 3.2,
    "FlipAngle": 120,
    "PartialFourier": 1,
    "BaseResolution": 256,
    "TxRefAmp": 320.175,
    "PhaseResolution": 1,
    "PhaseOversampling": 0.1,
    "ReceiveCoilName": "32Ch_Head",
    "PulseSequenceDetails": "%CustomerSeq%_tse_vfl_WIP607",
    "PercentPhaseFOV": 100,
    "EchoTrainLength": 314,
    "PhaseEncodingSteps": 202,
    "AcquisitionMatrixPE": 256,
    "ReconMatrixPE": 256,
    "ParallelReductionFactorInPlane": 2,
    "PixelBandwidth": 751,
    "DwellTime": 2.6e-06,
    "InPlanePhaseEncodingDirectionDICOM": "ROW",
    "ConversionSoftware": "dcm2niix",
    "ConversionSoftwareVersion": "v1.0.20180622 GCC4.9.2",
    "Obliquity": "False",
    "VoxelSizeDim1": 1.0,
    "VoxelSizeDim2": 1.0,
    "VoxelSizeDim3": 1.0,
    "Dim1Size": 176,
    "Dim2Size": 256,
    "Dim3Size": 256,
    "NumVolumes": 1.0
}