{
    "AcquisitionMatrixPE": 112,
    "AcquisitionNumber": 1,
    "AcquisitionTime": "11:12:41.655000",
    "BandwidthPerPixelPhaseEncode": 12.94,
    "BaseResolution": 112,
    "ConversionSoftware": "dcm2niix",
    "ConversionSoftwareVersion": "v1.0.20180403 GCC5.4.0",
    "DerivedVendorReportedEchoSpacing": 0.000689998,
    "DeviceSerialNumber": "35390",
    "DwellTime": 2.5e-06,
    "EchoTime": 0.03,
    "EffectiveEchoSpacing": 0.000689998,
    "FlipAngle": 65,
    "ImageComments": "Unaliased_MB4_PE3",
    "ImageOrientationPatientDICOM": [
        1,
        0,
        0,
        0,
        0.997441,
        0.0714974
    ],
    "ImageType": [
        "ORIGINAL",
        "PRIMARY",
        "M",
        "MB",
        "ND",
        "MOSAIC"
    ],
    "InPlanePhaseEncodingDirectionDICOM": "COL",
    "InstitutionAddress": "Old_Orangeburg_Road_140_Orangeburg_NY_US_10962",
    "InstitutionName": "Nathan_Kline_Institute_for_Psychiatric_Research",
    "InstitutionalDepartmentName": "Department",
    "MRAcquisitionType": "2D",
    "MagneticFieldStrength": 3,
    "Manufacturer": "Siemens",
    "ManufacturersModelName": "TrioTim",
    "Modality": "MR",
    "MultibandAccelerationFactor": 4,
    "PartialFourier": 0.75,
    "PatientPosition": "HFS",
    "PercentPhaseFOV": 100,
    "PhaseEncodingDirection": "j-",
    "PhaseEncodingSteps": 84,
    "PhaseResolution": 1,
    "PixelBandwidth": 1786,
    "ProcedureStepDescription": "RESEARCH_colcombe",
    "ProtocolName": "REST_1400",
    "PulseSequenceDetails": "%CustomerSeq%_cmrr_mbep2d_bold",
    "ReceiveCoilName": "32Ch_Head",
    "ReconMatrixPE": 112,
    "RepetitionTime": 1.4,
    "SAR": 0.127628,
    "ScanOptions": "PFP_FS",
    "ScanningSequence": "EP",
    "SequenceName": "epfid2d1_112",
    "SequenceVariant": "SK_SS",
    "SeriesDescription": "REST_1400",
    "SeriesNumber": 4,
    "ShimSetting": [
        -2453,
        -714,
        20676,
        492,
        92,
        -355,
        140,
        15
    ],
    "SliceThickness": 2,
    "SliceTiming": [
        0,
        0.615,
        1.2275,
        0.4375,
        1.0525,
        0.2625,
        0.8775,
        0.0875,
        0.7025,
        1.3175,
        0.525,
        1.14,
        0.35,
        0.965,
        0.175,
        0.79,
        0,
        0.615,
        1.2275,
        0.4375,
        1.0525,
        0.2625,
        0.8775,
        0.0875,
        0.7025,
        1.3175,
        0.525,
        1.14,
        0.35,
        0.965,
        0.175,
        0.79,
        0,
        0.615,
        1.2275,
        0.4375,
        1.0525,
        0.2625,
        0.8775,
        0.0875,
        0.7025,
        1.3175,
        0.525,
        1.14,
        0.35,
        0.965,
        0.175,
        0.79,
        0,
        0.615,
        1.2275,
        0.4375,
        1.0525,
        0.2625,
        0.8775,
        0.0875,
        0.7025,
        1.3175,
        0.525,
        1.14,
        0.35,
        0.965,
        0.175,
        0.79
    ],
    "SoftwareVersions": "syngo_MR_B17",
    "SpacingBetweenSlices": 2,
    "StationName": "MRC35390",
    "TaskName": "rest",
    "TotalReadoutTime": 0.0765898,
    "TxRefAmp": 311.292,
    "Obliquity": "True",
    "VoxelSizeDim1": 2.0,
    "VoxelSizeDim3": 2.0,
    "VoxelSizeDim2": 2.0,
    "Dim1Size": 112,
    "Dim2Size": 112,
    "Dim3Size": 64,
    "NumVolumes": 404,
    "ImageOrientation": "LAS+"
}