{
    "ConversionSoftware": "dcm2niix",
    "ConversionSoftwareVersion": "v1.0.20170411 GCC4.3.2",
    "EchoTime": 0.03,
    "EffectiveEchoSpacing": 0.000510002,
    "FlipAngle": 80,
    "ImageType": [
        "ORIGINAL",
        "PRIMARY",
        "M",
        "ND",
        "MOSAIC"
    ],
    "MagneticFieldStrength": 3,
    "Manufacturer": "Siemens",
    "ManufacturersModelName": "TrioTim",
    "PhaseEncodingDirection": "j-",
    "ProcedureStepDescription": "RESEARCH_colcombe",
    "ProtocolName": "REST_CAP",
    "RepetitionTime": 2.5,
    "ScanningSequence": "EP",
    "SequenceName": "epfid2d1_72",
    "SequenceVariant": "SK",
    "SeriesDescription": "REST_CAP",
    "SliceTiming": [
        1.255,
        0,
        1.32,
        0.065,
        1.3875,
        0.1325,
        1.4525,
        0.1975,
        1.5175,
        0.2625,
        1.585,
        0.33,
        1.65,
        0.395,
        1.7175,
        0.4625,
        1.7825,
        0.5275,
        1.85,
        0.595,
        1.915,
        0.66,
        1.98,
        0.725,
        2.0475,
        0.7925,
        2.1125,
        0.8575,
        2.18,
        0.925,
        2.245,
        0.99,
        2.31,
        1.055,
        2.3775,
        1.1225,
        2.4425,
        1.1875
    ],
    "TaskName": "rest",
    "Obliquity": "True",
    "VoxelSizeDim1": 3.0,
    "VoxelSizeDim3": 3.3299999237060547,
    "VoxelSizeDim2": 3.0,
    "Dim1Size": 72,
    "Dim2Size": 72,
    "Dim3Size": 38,
    "NumVolumes": 120,
    "ImageOrientation": "LAS+"
}