{
    "Manufacturer": "Siemens",
    "ManufacturersModelName": "TrioTim",
    "ProcedureStepDescription": "RESEARCH_colcombe",
    "ScanningSequence": "SE",
    "SequenceVariant": "SK_SP_OSP",
    "SeriesDescription": "HCP_SPACE",
    "ProtocolName": "HCP_SPACE",
    "SequenceName": "spc3d1_314ns",
    "ImageType": [
        "ORIGINAL",
        "PRIMARY",
        "M",
        "ND"
    ],
    "MagneticFieldStrength": 3,
    "FlipAngle": 120,
    "EchoTime": 0.306,
    "RepetitionTime": 3.2,
    "SliceTiming": [
        0.4875,
        0,
        0.5275,
        0.0425,
        0.5675,
        0.0825,
        0.6075,
        0.1225,
        0.6475,
        0.1625,
        0.69,
        0.2025,
        0.73,
        0.2425,
        0.77,
        0.285,
        0.81,
        0.325,
        0.85,
        0.365,
        0.8925,
        0.405,
        0.9325,
        0.445
    ],
    "PhaseEncodingDirection": "i-",
    "ConversionSoftware": "dcm2niix",
    "ConversionSoftwareVersion": "v1.0.20170411 GCC4.3.2",
    "Obliquity": "False",
    "VoxelSizeDim1": 1.0,
    "VoxelSizeDim2": 1.0,
    "VoxelSizeDim3": 1.0,
    "Dim1Size": 176,
    "Dim2Size": 256,
    "NumVolumes": 1.0,
    "Dim3Size": 256
}