{
    "InPlanePhaseEncodingDirectionDICOM": "COL",
    "ImageComments": "Unaliased_MB4_PE3_M10965027_RFA_19830101_M10965027_2",
    "DeviceSerialNumber": "35390",
    "AcquisitionMatrixPE": 74,
    "ImageOrientationPatientDICOM": [
        1,
        -1e-16,
        0,
        1e-16,
        0.984196,
        -0.177085
    ],
    "EffectiveEchoSpacing": 0.000510002,
    "TotalReadoutTime": 0.0372301,
    "ManufacturersModelName": "TrioTim",
    "ProtocolName": "CHECKERBOARD_645",
    "PhaseEncodingDirection": "j-",
    "BandwidthPerPixelPhaseEncode": 26.497,
    "RepetitionTime": 0.645,
    "SeriesNumber": 1,
    "PhaseEncodingSteps": 74,
    "MRAcquisitionType": "2D",
    "SliceThickness": 3,
    "AcquisitionNumber": 1,
    "InstitutionName": "Nathan_S_Kline_Institute",
    "DwellTime": 2.6e-06,
    "TxRefAmp": 315.292,
    "MultibandAccelerationFactor": 4,
    "DerivedVendorReportedEchoSpacing": 0.000510002,
    "PulseSequenceDetails": "%CustomerSeq%_cmrr_mbep2d_bold",
    "ScanningSequence": "EP",
    "Manufacturer": "Siemens",
    "ConversionSoftware": "dcm2niix",
    "PercentPhaseFOV": 100,
    "ReconMatrixPE": 74,
    "FlipAngle": 60,
    "ConversionSoftwareVersion": "v1.0.20180403 GCC5.4.0",
    "SeriesDescription": "CHECKERBOARD_645_RR",
    "PartialFourier": 1,
    "InstitutionAddress": "Old_Orangeburg_Road_140_Orangeburg_NY_US_10962",
    "ShimSetting": [
        -2374,
        -441,
        20921,
        505,
        -229,
        -14,
        -115,
        23
    ],
    "AcquisitionTime": "09:35:47.350000",
    "SequenceName": "epfid2d1_74",
    "MagneticFieldStrength": 3,
    "TaskName": "CHECKERBOARD",
    "SpacingBetweenSlices": 3,
    "ImageType": [
        "ORIGINAL",
        "PRIMARY",
        "M",
        "ND",
        "MOSAIC"
    ],
    "ReceiveCoilName": "32Ch_Head",
    "EchoTime": 0.03,
    "SequenceVariant": "SK",
    "PhaseResolution": 1,
    "BaseResolution": 74,
    "PixelBandwidth": 2599,
    "ScanOptions": "FS",
    "SoftwareVersions": "syngo_MR_B17",
    "Modality": "MR",
    "InstitutionalDepartmentName": "Department",
    "PatientPosition": "HFS",
    "SliceTiming": [
        0,
        0.4525,
        0.2575,
        0.065,
        0.5175,
        0.3225,
        0.1275,
        0.5825,
        0.3875,
        0.1925,
        0,
        0.4525,
        0.2575,
        0.065,
        0.5175,
        0.3225,
        0.1275,
        0.5825,
        0.3875,
        0.1925,
        0,
        0.4525,
        0.2575,
        0.065,
        0.5175,
        0.3225,
        0.1275,
        0.5825,
        0.3875,
        0.1925,
        0,
        0.4525,
        0.2575,
        0.065,
        0.5175,
        0.3225,
        0.1275,
        0.5825,
        0.3875,
        0.1925
    ],
    "Obliquity": "True",
    "VoxelSizeDim1": 3.0,
    "VoxelSizeDim2": 3.0,
    "VoxelSizeDim3": 3.0,
    "Dim1Size": 74,
    "Dim2Size": 74,
    "Dim3Size": 40,
    "NumVolumes": 240,
    "ImageOrientation": "LAS+"
}