{
    "InPlanePhaseEncodingDirectionDICOM": "COL",
    "ImageComments": "Unaliased_MB4_PE3_M10965027_RFA_19830101_M10965027_2",
    "DeviceSerialNumber": "35390",
    "AcquisitionMatrixPE": 112,
    "ImageOrientationPatientDICOM": [
        1,
        -1e-16,
        0,
        1e-16,
        0.984196,
        -0.177085
    ],
    "EffectiveEchoSpacing": 0.000689998,
    "TotalReadoutTime": 0.0765898,
    "ManufacturersModelName": "TrioTim",
    "ProtocolName": "REST_1400",
    "PhaseEncodingDirection": "j-",
    "BandwidthPerPixelPhaseEncode": 12.94,
    "RepetitionTime": 1.4,
    "SeriesNumber": 1,
    "PhaseEncodingSteps": 84,
    "MRAcquisitionType": "2D",
    "SliceThickness": 2,
    "AcquisitionNumber": 1,
    "InstitutionName": "Nathan_S_Kline_Institute",
    "DwellTime": 2.5e-06,
    "TxRefAmp": 315.292,
    "MultibandAccelerationFactor": 4,
    "DerivedVendorReportedEchoSpacing": 0.000689998,
    "PulseSequenceDetails": "%CustomerSeq%_cmrr_mbep2d_bold",
    "ScanningSequence": "EP",
    "Manufacturer": "Siemens",
    "ConversionSoftware": "dcm2niix",
    "PercentPhaseFOV": 100,
    "ReconMatrixPE": 112,
    "FlipAngle": 65,
    "ConversionSoftwareVersion": "v1.0.20180403 GCC5.4.0",
    "SeriesDescription": "REST_1400_RR",
    "PartialFourier": 0.75,
    "InstitutionAddress": "Old_Orangeburg_Road_140_Orangeburg_NY_US_10962",
    "ShimSetting": [
        -2374,
        -447,
        20919,
        477,
        -207,
        -2,
        -137,
        26
    ],
    "AcquisitionTime": "09:12:57.810000",
    "SequenceName": "epfid2d1_112",
    "MagneticFieldStrength": 3,
    "TaskName": "rest",
    "SpacingBetweenSlices": 2,
    "ImageType": [
        "ORIGINAL",
        "PRIMARY",
        "M",
        "ND",
        "MOSAIC"
    ],
    "ReceiveCoilName": "32Ch_Head",
    "EchoTime": 0.03,
    "SequenceVariant": "SK",
    "PhaseResolution": 1,
    "BaseResolution": 112,
    "PixelBandwidth": 1786,
    "ScanOptions": "PFP_FS",
    "SoftwareVersions": "syngo_MR_B17",
    "Modality": "MR",
    "InstitutionalDepartmentName": "Department",
    "PatientPosition": "HFS",
    "SliceTiming": [
        0,
        0.615,
        1.2275,
        0.4375,
        1.0525,
        0.2625,
        0.8775,
        0.0875,
        0.7025,
        1.3175,
        0.525,
        1.14,
        0.35,
        0.965,
        0.175,
        0.79,
        0,
        0.615,
        1.2275,
        0.4375,
        1.0525,
        0.2625,
        0.8775,
        0.0875,
        0.7025,
        1.3175,
        0.525,
        1.14,
        0.35,
        0.965,
        0.175,
        0.79,
        0,
        0.615,
        1.2275,
        0.4375,
        1.0525,
        0.2625,
        0.8775,
        0.0875,
        0.7025,
        1.3175,
        0.525,
        1.14,
        0.35,
        0.965,
        0.175,
        0.79,
        0,
        0.615,
        1.2275,
        0.4375,
        1.0525,
        0.2625,
        0.8775,
        0.0875,
        0.7025,
        1.3175,
        0.525,
        1.14,
        0.35,
        0.965,
        0.175,
        0.79
    ],
    "Obliquity": "True",
    "VoxelSizeDim1": 2.0,
    "VoxelSizeDim2": 2.0,
    "VoxelSizeDim3": 2.0,
    "Dim1Size": 112,
    "Dim2Size": 112,
    "Dim3Size": 64,
    "NumVolumes": 404,
    "ImageOrientation": "LAS+"
}