{
    "AcquisitionMatrixPE": 246,
    "AcquisitionNumber": 1,
    "AcquisitionTime": "13:20:8.695000",
    "BaseResolution": 256,
    "ConversionSoftware": "dcm2niix",
    "ConversionSoftwareVersion": "v1.0.20180403 GCC5.4.0",
    "DeviceSerialNumber": "35390",
    "DwellTime": 1.15e-05,
    "EchoTime": 0.00252,
    "FlipAngle": 9,
    "ImageOrientationPatientDICOM": [
        -0.062818,
        0.998025,
        1.58739e-08,
        -0.0469928,
        -0.00295782,
        -0.998891
    ],
    "ImageType": [
        "ORIGINAL",
        "PRIMARY",
        "M",
        "ND",
        "NORM"
    ],
    "InPlanePhaseEncodingDirectionDICOM": "ROW",
    "InstitutionAddress": "Old_Orangeburg_Road_140_Orangeburg_NY_US_10962",
    "InstitutionName": "Nathan_Kline_Institute_for_Psychiatric_Research",
    "InstitutionalDepartmentName": "Department",
    "InversionTime": 0.9,
    "MRAcquisitionType": "3D",
    "MagneticFieldStrength": 3,
    "Manufacturer": "Siemens",
    "ManufacturersModelName": "TrioTim",
    "Modality": "MR",
    "ParallelReductionFactorInPlane": 2,
    "PartialFourier": 1,
    "PatientPosition": "HFS",
    "PercentPhaseFOV": 100,
    "PhaseEncodingSteps": 246,
    "PhaseResolution": 0.96,
    "PixelBandwidth": 170,
    "ProcedureStepDescription": "RESEARCH_colcombe",
    "ProtocolName": "MPRAGE_SIEMENS",
    "PulseSequenceDetails": "%SiemensSeq%_tfl",
    "ReceiveCoilName": "32Ch_Head",
    "ReconMatrixPE": 256,
    "RepetitionTime": 1.9,
    "SAR": 0.138269,
    "ScanOptions": "IR",
    "ScanningSequence": "GR_IR",
    "SequenceName": "tfl3d1_ns",
    "SequenceVariant": "SP_MP_OSP",
    "SeriesDescription": "MPRAGE_SIEMENS",
    "SeriesNumber": 3,
    "ShimSetting": [
        -2363,
        -476,
        20469,
        -178,
        13,
        36,
        21,
        4
    ],
    "SliceThickness": 1,
    "SoftwareVersions": "syngo_MR_B17",
    "StationName": "MRC35390",
    "TxRefAmp": 309.392,
    "Obliquity": "True",
    "VoxelSizeDim1": 0.9999987483024597,
    "VoxelSizeDim3": 0.9765624403953552,
    "VoxelSizeDim2": 0.9765625,
    "Dim1Size": 176,
    "Dim2Size": 256,
    "Dim3Size": 256,
    "NumVolumes": 1.0,
    "ImageOrientation": "RAS+"
}