{
    "AcquisitionMatrixPE": 74,
    "AcquisitionNumber": 1,
    "AcquisitionTime": "12:39:50.205000",
    "BandwidthPerPixelPhaseEncode": 26.497,
    "BaseResolution": 74,
    "ConversionSoftware": "dcm2niix",
    "ConversionSoftwareVersion": "v1.0.20180403 GCC5.4.0",
    "DerivedVendorReportedEchoSpacing": 0.000510002,
    "DeviceSerialNumber": "35390",
    "DwellTime": 2.6e-06,
    "EchoTime": 0.03,
    "EffectiveEchoSpacing": 0.000510002,
    "FlipAngle": 60,
    "ImageComments": "Unaliased_MB4_PE3",
    "ImageOrientationPatientDICOM": [
        1,
        -1e-16,
        0,
        1e-16,
        0.999877,
        0.0157073
    ],
    "ImageType": [
        "ORIGINAL",
        "PRIMARY",
        "M",
        "MB",
        "ND",
        "MOSAIC"
    ],
    "InPlanePhaseEncodingDirectionDICOM": "COL",
    "InstitutionAddress": "Old_Orangeburg_Road_140_Orangeburg_NY_US_10962",
    "InstitutionName": "Nathan_Kline_Institute_for_Psychiatric_Research",
    "InstitutionalDepartmentName": "Department",
    "MRAcquisitionType": "2D",
    "MagneticFieldStrength": 3,
    "Manufacturer": "Siemens",
    "ManufacturersModelName": "TrioTim",
    "Modality": "MR",
    "MultibandAccelerationFactor": 4,
    "PartialFourier": 1,
    "PatientPosition": "HFS",
    "PercentPhaseFOV": 100,
    "PhaseEncodingDirection": "j-",
    "PhaseEncodingSteps": 74,
    "PhaseResolution": 1,
    "PixelBandwidth": 2599,
    "ProcedureStepDescription": "RESEARCH_colcombe",
    "ProtocolName": "REST_645",
    "PulseSequenceDetails": "%CustomerSeq%_cmrr_mbep2d_bold",
    "ReceiveCoilName": "32Ch_Head",
    "ReconMatrixPE": 74,
    "RepetitionTime": 0.645,
    "SAR": 0.164416,
    "ScanOptions": "FS",
    "ScanningSequence": "EP",
    "SequenceName": "epfid2d1_74",
    "SequenceVariant": "SK_SS",
    "SeriesDescription": "REST_645",
    "SeriesNumber": 2,
    "ShimSetting": [
        -2478,
        -640,
        20978,
        845,
        172,
        -475,
        -60,
        -46
    ],
    "SliceThickness": 3,
    "SliceTiming": [
        0,
        0.4525,
        0.2575,
        0.065,
        0.5175,
        0.3225,
        0.13,
        0.5825,
        0.3875,
        0.195,
        0,
        0.4525,
        0.2575,
        0.065,
        0.5175,
        0.3225,
        0.13,
        0.5825,
        0.3875,
        0.195,
        0,
        0.4525,
        0.2575,
        0.065,
        0.5175,
        0.3225,
        0.13,
        0.5825,
        0.3875,
        0.195,
        0,
        0.4525,
        0.2575,
        0.065,
        0.5175,
        0.3225,
        0.13,
        0.5825,
        0.3875,
        0.195
    ],
    "SoftwareVersions": "syngo_MR_B17",
    "SpacingBetweenSlices": 3,
    "StationName": "MRC35390",
    "TaskName": "rest",
    "TotalReadoutTime": 0.0372301,
    "TxRefAmp": 302.698,
    "Obliquity": "True",
    "VoxelSizeDim1": 3.0,
    "VoxelSizeDim3": 3.0,
    "VoxelSizeDim2": 3.0,
    "Dim1Size": 74,
    "Dim2Size": 74,
    "Dim3Size": 40,
    "NumVolumes": 900,
    "ImageOrientation": "LAS+"
}