{
    "InPlanePhaseEncodingDirectionDICOM": "ROW",
    "ProcedureStepDescription": "RESEARCH_colcombe",
    "DeviceSerialNumber": "35390",
    "ConversionSoftwareVersion": "v1.0.20180403 GCC5.4.0",
    "AcquisitionMatrixPE": 320,
    "ImageOrientationPatientDICOM": [
        0,
        1,
        0,
        0,
        0,
        -1
    ],
    "ManufacturersModelName": "TrioTim",
    "ProtocolName": "HCP_SPACE",
    "RepetitionTime": 3.2,
    "SeriesNumber": 12,
    "PhaseEncodingSteps": 343,
    "MRAcquisitionType": "3D",
    "ParallelReductionFactorInPlane": 2,
    "SliceThickness": 0.7,
    "AcquisitionNumber": 1,
    "InstitutionName": "Nathan_Kline_Institute_for_Psychiatric_Research",
    "DwellTime": 2.1e-06,
    "TxRefAmp": 315.724,
    "EchoTrainLength": 314,
    "SAR": 0.2444,
    "PulseSequenceDetails": "%CustomerSeq%_tse_vfl_WIP607",
    "ScanningSequence": "SE",
    "Manufacturer": "Siemens",
    "ConversionSoftware": "dcm2niix",
    "PercentPhaseFOV": 100,
    "ReconMatrixPE": 320,
    "FlipAngle": 120,
    "PhaseOversampling": 0.1,
    "SeriesDescription": "HCP_SPACE",
    "PartialFourier": 1,
    "InstitutionAddress": "Old_Orangeburg_Road_140_Orangeburg_NY_US_10962",
    "ShimSetting": [
        -2477,
        -866,
        20887,
        174,
        95,
        -686,
        303,
        202
    ],
    "AcquisitionTime": "13:59:59.835000",
    "SequenceName": "spc3d1_314ns",
    "MagneticFieldStrength": 3,
    "ImageType": [
        "ORIGINAL",
        "PRIMARY",
        "M",
        "ND"
    ],
    "ReceiveCoilName": "32Ch_Head",
    "EchoTime": 0.564,
    "SequenceVariant": "SK_SP_OSP",
    "PhaseResolution": 1,
    "BaseResolution": 320,
    "PixelBandwidth": 744,
    "ScanOptions": "PFP_FS",
    "SoftwareVersions": "syngo_MR_B17",
    "StationName": "MRC35390",
    "Modality": "MR",
    "InstitutionalDepartmentName": "Department",
    "PatientPosition": "HFS",
    "Obliquity": "False",
    "VoxelSizeDim1": 0.7000045776367188,
    "VoxelSizeDim2": 0.699999988079071,
    "VoxelSizeDim3": 0.699999988079071,
    "Dim1Size": 256,
    "Dim2Size": 320,
    "NumVolumes": 1.0,
    "Dim3Size": 320,
    "ImageOrientation": "LAS+"
}