{
    "InPlanePhaseEncodingDirectionDICOM": "COL",
    "ProcedureStepDescription": "RESEARCH_colcombe",
    "DeviceSerialNumber": "35390",
    "AcquisitionMatrixPE": 64,
    "ImageOrientationPatientDICOM": [
        1,
        0,
        0,
        0,
        0.980271,
        -0.197657
    ],
    "EffectiveEchoSpacing": 0.000265001,
    "TotalReadoutTime": 0.0166951,
    "ManufacturersModelName": "TrioTim",
    "ProtocolName": "pCASL_REST",
    "PhaseEncodingDirection": "j-",
    "BandwidthPerPixelPhaseEncode": 58.962,
    "RepetitionTime": 3.8,
    "SeriesNumber": 9,
    "PhaseEncodingSteps": 56,
    "MRAcquisitionType": "2D",
    "ParallelReductionFactorInPlane": 2,
    "SliceThickness": 4.2,
    "AcquisitionNumber": 1,
    "InstitutionName": "Nathan_Kline_Institute_for_Psychiatric_Research",
    "DwellTime": 3.5e-06,
    "TxRefAmp": 308.187,
    "DerivedVendorReportedEchoSpacing": 0.000530002,
    "SAR": 0.491816,
    "PulseSequenceDetails": "%CustomerSeq%_ep2d_pcasl_UI_PHC",
    "ScanningSequence": "EP",
    "Manufacturer": "Siemens",
    "ConversionSoftware": "dcm2niix",
    "PercentPhaseFOV": 100,
    "ReconMatrixPE": 64,
    "FlipAngle": 90,
    "ConversionSoftwareVersion": "v1.0.20180403 GCC5.4.0",
    "SeriesDescription": "pCASL_REST",
    "PartialFourier": 0.875,
    "InstitutionAddress": "Old_Orangeburg_Road_140_Orangeburg_NY_US_10962",
    "ShimSetting": [
        -2484,
        -575,
        21060,
        570,
        49,
        147,
        190,
        40
    ],
    "AcquisitionTime": "13:33:24.520000",
    "SequenceName": "epfid2d1_64",
    "MagneticFieldStrength": 3,
    "TaskName": "pCASL",
    "SpacingBetweenSlices": 5.04,
    "ImageType": [
        "ORIGINAL",
        "PRIMARY",
        "M",
        "ND",
        "MOSAIC"
    ],
    "ReceiveCoilName": "32Ch_Head",
    "EchoTime": 0.017,
    "SequenceVariant": "SK",
    "PhaseResolution": 1,
    "BaseResolution": 64,
    "PixelBandwidth": 2232,
    "ScanOptions": "PFP_FS",
    "SoftwareVersions": "syngo_MR_B17",
    "StationName": "MRC35390",
    "Modality": "MR",
    "InstitutionalDepartmentName": "Department",
    "PatientPosition": "HFS",
    "SliceTiming": [
        0.485,
        0,
        0.525,
        0.04,
        0.5675,
        0.08,
        0.6075,
        0.12,
        0.6475,
        0.1625,
        0.6875,
        0.2025,
        0.7275,
        0.2425,
        0.7675,
        0.2825,
        0.81,
        0.3225,
        0.85,
        0.365,
        0.89,
        0.405,
        0.93,
        0.445
    ],
    "Obliquity": "True",
    "VoxelSizeDim1": 3.4375,
    "VoxelSizeDim2": 3.4375,
    "VoxelSizeDim3": 5.039999961853027,
    "Dim1Size": 64,
    "Dim2Size": 64,
    "Dim3Size": 24,
    "NumVolumes": 80
}