{
    "InPlanePhaseEncodingDirectionDICOM": "ROW",
    "ProcedureStepDescription": "RESEARCH_colcombe",
    "DeviceSerialNumber": "35390",
    "ConversionSoftwareVersion": "v1.0.20180403 GCC5.4.0",
    "AcquisitionMatrixPE": 256,
    "ImageOrientationPatientDICOM": [
        0,
        1,
        0,
        0,
        0,
        -1
    ],
    "ManufacturersModelName": "TrioTim",
    "ProtocolName": "HCP_SPACE",
    "RepetitionTime": 3.2,
    "SeriesNumber": 11,
    "PhaseEncodingSteps": 202,
    "MRAcquisitionType": "3D",
    "ParallelReductionFactorInPlane": 2,
    "SliceThickness": 1,
    "AcquisitionNumber": 1,
    "InstitutionName": "Nathan_Kline_Institute_for_Psychiatric_Research",
    "DwellTime": 2.6e-06,
    "TxRefAmp": 307.436,
    "EchoTrainLength": 314,
    "SAR": 0.396372,
    "PulseSequenceDetails": "%CustomerSeq%_tse_vfl_WIP607",
    "ScanningSequence": "SE",
    "Manufacturer": "Siemens",
    "ConversionSoftware": "dcm2niix",
    "PercentPhaseFOV": 100,
    "ReconMatrixPE": 256,
    "FlipAngle": 120,
    "PhaseOversampling": 0.1,
    "SeriesDescription": "HCP_SPACE",
    "PartialFourier": 1,
    "InstitutionAddress": "Old_Orangeburg_Road_140_Orangeburg_NY_US_10962",
    "ShimSetting": [
        -2476,
        -744,
        20986,
        373,
        228,
        -860,
        86,
        166
    ],
    "AcquisitionTime": "10:31:5.497500",
    "SequenceName": "spc3d1_314ns",
    "MagneticFieldStrength": 3,
    "ImageType": [
        "ORIGINAL",
        "PRIMARY",
        "M",
        "ND"
    ],
    "ReceiveCoilName": "32Ch_Head",
    "EchoTime": 0.306,
    "SequenceVariant": "SK_SP_OSP",
    "PhaseResolution": 1,
    "BaseResolution": 256,
    "PixelBandwidth": 751,
    "ScanOptions": "PFP_FS",
    "SoftwareVersions": "syngo_MR_B17",
    "StationName": "MRC35390",
    "Modality": "MR",
    "InstitutionalDepartmentName": "Department",
    "PatientPosition": "HFS",
    "Obliquity": "False",
    "VoxelSizeDim1": 1.0,
    "VoxelSizeDim2": 1.0,
    "VoxelSizeDim3": 1.0,
    "Dim1Size": 176,
    "Dim2Size": 256,
    "NumVolumes": 1.0,
    "Dim3Size": 256,
    "ImageOrientation": "LAS+"
}