{
    "AcquisitionMatrixPE": 112,
    "AcquisitionNumber": 1,
    "AcquisitionTime": "14:22:23.040000",
    "BandwidthPerPixelPhaseEncode": 12.94,
    "BaseResolution": 112,
    "ConversionSoftware": "dcm2niix",
    "ConversionSoftwareVersion": "v1.0.20180403 GCC5.4.0",
    "DerivedVendorReportedEchoSpacing": 0.000689998,
    "DeviceSerialNumber": "35390",
    "DwellTime": 2.5e-06,
    "EchoTime": 0.03,
    "EffectiveEchoSpacing": 0.000689998,
    "FlipAngle": 65,
    "ImageComments": "Unaliased_MB4_PE3",
    "ImageOrientationPatientDICOM": [
        1,
        0,
        0,
        0,
        0.990268,
        -0.139173
    ],
    "ImageType": [
        "ORIGINAL",
        "PRIMARY",
        "M",
        "MB",
        "ND",
        "MOSAIC"
    ],
    "InPlanePhaseEncodingDirectionDICOM": "COL",
    "InstitutionAddress": "Old_Orangeburg_Road_140_Orangeburg_NY_US_10962",
    "InstitutionName": "Nathan_Kline_Institute_for_Psychiatric_Research",
    "InstitutionalDepartmentName": "Department",
    "MRAcquisitionType": "2D",
    "MagneticFieldStrength": 3,
    "Manufacturer": "Siemens",
    "ManufacturersModelName": "TrioTim",
    "Modality": "MR",
    "MultibandAccelerationFactor": 4,
    "PartialFourier": 0.75,
    "PatientPosition": "HFS",
    "PercentPhaseFOV": 100,
    "PhaseEncodingDirection": "j-",
    "PhaseEncodingSteps": 84,
    "PhaseResolution": 1,
    "PixelBandwidth": 1786,
    "ProcedureStepDescription": "RESEARCH_colcombe",
    "ProtocolName": "CHECKERBOARD_1400",
    "PulseSequenceDetails": "%CustomerSeq%_cmrr_mbep2d_bold",
    "ReceiveCoilName": "32Ch_Head",
    "ReconMatrixPE": 112,
    "RepetitionTime": 1.4,
    "SAR": 0.118924,
    "ScanOptions": "PFP_FS",
    "ScanningSequence": "EP",
    "SequenceName": "epfid2d1_112",
    "SequenceVariant": "SK_SS",
    "SeriesDescription": "CHECKERBOARD_1400",
    "SeriesNumber": 7,
    "ShimSetting": [
        -2510,
        -678,
        20912,
        565,
        -77,
        -277,
        128,
        -32
    ],
    "SliceThickness": 2,
    "SliceTiming": [
        0,
        0.615,
        1.23,
        0.44,
        1.055,
        0.2625,
        0.8775,
        0.0875,
        0.7025,
        1.3175,
        0.5275,
        1.1425,
        0.3525,
        0.965,
        0.175,
        0.79,
        0,
        0.615,
        1.23,
        0.44,
        1.055,
        0.2625,
        0.8775,
        0.0875,
        0.7025,
        1.3175,
        0.5275,
        1.1425,
        0.3525,
        0.965,
        0.175,
        0.79,
        0,
        0.615,
        1.23,
        0.44,
        1.055,
        0.2625,
        0.8775,
        0.0875,
        0.7025,
        1.3175,
        0.5275,
        1.1425,
        0.3525,
        0.965,
        0.175,
        0.79,
        0,
        0.615,
        1.23,
        0.44,
        1.055,
        0.2625,
        0.8775,
        0.0875,
        0.7025,
        1.3175,
        0.5275,
        1.1425,
        0.3525,
        0.965,
        0.175,
        0.79
    ],
    "SoftwareVersions": "syngo_MR_B17",
    "SpacingBetweenSlices": 2,
    "StationName": "MRC35390",
    "TaskName": "CHECKERBOARD",
    "TotalReadoutTime": 0.0765898,
    "TxRefAmp": 322.431,
    "Obliquity": "True",
    "VoxelSizeDim1": 2.0,
    "VoxelSizeDim3": 2.0,
    "VoxelSizeDim2": 2.0,
    "Dim1Size": 112,
    "Dim2Size": 112,
    "Dim3Size": 64,
    "NumVolumes": 98,
    "ImageOrientation": "LAS+"
}